GEM
  remote: https://rubygems.org/
  specs:
    nio4r (2.5.2)
    nio4r (2.5.2-java)
    puma (4.3.0)
      nio4r (~> 2.0)
    puma (4.3.0-java)
      nio4r (~> 2.0)
    rack (2.0.7)
    roda (3.25.0)
      rack

PLATFORMS
  java
  ruby

DEPENDENCIES
  puma
  roda

BUNDLED WITH
   2.0.2
